GEM
  remote: https://rubygems.org/
  specs:
    aasm (4.7.0)
    algorithms (0.6.1)
    bresenham (0.0.2)
    gosu (0.10.4)
    polaris (1.1.2)
      algorithms

PLATFORMS
  ruby

DEPENDENCIES
  aasm
  bresenham
  gosu
  polaris

BUNDLED WITH
   1.11.2
